GEM
  remote: https://rubygems.org/
  specs:
    activesupport (4.2.5)
      i18n (~> 0.7)
      json (~> 1.7, >= 1.7.7)
      minitest (~> 5.1)
      thread_safe (~> 0.3, >= 0.3.4)
      tzinfo (~> 1.1)
    addressable (2.3.8)
    autoparse (0.3.3)
      addressable (>= 2.3.1)
      extlib (>= 0.9.15)
      multi_json (>= 1.0.0)
    byebug (8.2.1)
    chronic (0.10.2)
    color (1.8)
    eventmachine (1.0.8)
    extlib (0.9.16)
    faraday (0.9.2)
      multipart-post (>= 1.2, < 3)
    gmail (0.6.0)
      gmail_xoauth (>= 0.3.0)
      mail (>= 2.2.1)
    gmail_xoauth (0.4.1)
      oauth (>= 0.3.6)
    google-api-client (0.8.6)
      activesupport (>= 3.2)
      addressable (~> 2.3)
      autoparse (~> 0.3)
      extlib (~> 0.9)
      faraday (~> 0.9)
      googleauth (~> 0.3)
      launchy (~> 2.4)
      multi_json (~> 1.10)
      retriable (~> 1.4)
      signet (~> 0.6)
    googleauth (0.4.2)
      faraday (~> 0.9)
      jwt (~> 1.4)
      logging (~> 2.0)
      memoist (~> 0.12)
      multi_json (~> 1.11)
      signet (~> 0.6)
    httparty (0.13.7)
      json (~> 1.8)
      multi_xml (>= 0.5.2)
    huey (2.1.0)
      chronic (>= 0.9.0)
      color (>= 1.4.1)
      eventmachine (>= 1.0.0)
      httparty (>= 0.9.0)
      multi_json (~> 1.8)
    i18n (0.7.0)
    json (1.8.3)
    jwt (1.5.2)
    launchy (2.4.3)
      addressable (~> 2.3)
    little-plugger (1.1.4)
    logging (2.0.0)
      little-plugger (~> 1.1)
      multi_json (~> 1.10)
    mail (2.6.3)
      mime-types (>= 1.16, < 3)
    memoist (0.13.0)
    mime-types (2.99)
    minitest (5.8.3)
    multi_json (1.11.2)
    multi_xml (0.5.5)
    multipart-post (2.0.0)
    oauth (0.4.7)
    retriable (1.4.1)
    signet (0.6.1)
      addressable (~> 2.3)
      extlib (~> 0.9)
      faraday (~> 0.9)
      jwt (~> 1.5)
      multi_json (~> 1.10)
    thread_safe (0.3.5)
    tzinfo (1.2.2)
      thread_safe (~> 0.1)

PLATFORMS
  ruby

DEPENDENCIES
  byebug
  gmail
  google-api-client
  huey
